GEM
  remote: https://rubygems.org/
  remote: https://rails-assets.org/
  specs:
    addressable (2.5.1)
      public_suffix (~> 2.0, >= 2.0.2)
    bibtex-ruby (4.4.4)
      latex-decode (~> 0.0)
    citeproc (1.0.5)
      namae (~> 0.8)
    citeproc-ruby (1.1.7)
      citeproc (>= 1.0.4, < 2.0)
      csl (~> 1.4)
    colorator (1.1.0)
    concurrent-ruby (1.0.5)
    csl (1.4.5)
      namae (~> 0.7)
    csl-styles (1.0.1.8)
      csl (~> 1.0)
    extras (0.3.0)
      forwardable-extended (~> 2.5)
    faraday (0.12.2)
      multipart-post (>= 1.2, < 3)
    fastimage (2.1.0)
    ffi (1.9.18-x64-mingw32)
    forwardable-extended (2.6.0)
    jekyll (3.5.0)
      addressable (~> 2.4)
      colorator (~> 1.0)
      jekyll-sass-converter (~> 1.0)
      jekyll-watch (~> 1.1)
      kramdown (~> 1.3)
      liquid (~> 4.0)
      mercenary (~> 0.3.3)
      pathutil (~> 0.9)
      rouge (~> 1.7)
      safe_yaml (~> 1.0)
    jekyll-assets (2.3.2)
      concurrent-ruby (~> 1.0)
      extras (~> 0.2)
      fastimage (~> 2.0, >= 1.8)
      jekyll (~> 3.1, >= 3.0)
      pathutil (>= 0.8)
      rack (~> 1.6)
      sprockets (~> 3.3, < 3.8)
    jekyll-feed (0.9.2)
      jekyll (~> 3.3)
    jekyll-git_metadata (0.2.0)
      jekyll (~> 3.0)
    jekyll-github-metadata (2.5.1)
      jekyll (~> 3.1)
      octokit (~> 4.0, != 4.4.0)
    jekyll-sass-converter (1.5.0)
      sass (~> 3.4)
    jekyll-scholar (5.10.1)
      bibtex-ruby (~> 4.0, >= 4.0.13)
      citeproc-ruby (~> 1.0)
      csl-styles (~> 1.0)
      jekyll (~> 3.0)
    jekyll-watch (1.5.0)
      listen (~> 3.0, < 3.1)
    kramdown (1.14.0)
    latex-decode (0.2.2)
      unicode (~> 0.4)
    liquid (4.0.0)
    listen (3.0.8)
      rb-fsevent (~> 0.9, >= 0.9.4)
      rb-inotify (~> 0.9, >= 0.9.7)
    match_regex (0.1.0)
    mercenary (0.3.6)
    multipart-post (2.0.0)
    namae (0.11.3)
    octokit (4.7.0)
      sawyer (~> 0.8.0, >= 0.5.3)
    pathutil (0.14.0)
      forwardable-extended (~> 2.6)
    public_suffix (2.0.5)
    rack (1.6.8)
    rails-assets-bulma (0.5.0)
    rb-fsevent (0.10.2)
    rb-inotify (0.9.10)
      ffi (>= 0.5.0, < 2)
    replace_regex (0.1.0)
    rouge (1.11.1)
    safe_yaml (1.0.4)
    sass (3.5.1)
      sass-listen (~> 4.0.0)
    sass-listen (4.0.0)
      rb-fsevent (~> 0.9, >= 0.9.4)
      rb-inotify (~> 0.9, >= 0.9.7)
    sawyer (0.8.1)
      addressable (>= 2.3.5, < 2.6)
      faraday (~> 0.8, < 1.0)
    sprockets (3.7.1)
      concurrent-ruby (~> 1.0)
      rack (> 1, < 3)
    thread_safe (0.3.6)
    tzinfo (1.2.3)
      thread_safe (~> 0.1)
    tzinfo-data (1.2017.2)
      tzinfo (>= 1.0.0)
    unicode (0.4.4.4)
    wdm (0.1.1)

PLATFORMS
  x64-mingw32

DEPENDENCIES
  jekyll (= 3.5)
  jekyll-assets
  jekyll-feed (~> 0.6)
  jekyll-git_metadata
  jekyll-github-metadata (~> 2.5.1)
  jekyll-scholar
  match_regex
  rails-assets-bulma!
  replace_regex
  tzinfo-data
  wdm (>= 0.1.0)

RUBY VERSION
   ruby 2.4.1p111

BUNDLED WITH
   1.15.1
